Brain Vision Data Exchange Header File Version 1.0
; Data created by the Vision Recorder

[Common Infos]
Codepage=UTF-8
DataFile=sub-010004.eeg
MarkerFile=sub-010004.vmrk
DataFormat=BINARY
; Data orientation: MULTIPLEXED=ch1,pt1, ch2,pt1 ...
DataOrientation=MULTIPLEXED
NumberOfChannels=62
; Sampling interval in microseconds
SamplingInterval=400

[Binary Infos]
BinaryFormat=INT_16

[Channel Infos]
; Each entry: Ch<Channel number>=<Name>,<Reference channel name>,
; <Resolution in "Unit">,<Unit>, Future extensions..
; Fields are delimited by commas, some fields might be omitted (empty).
; Commas in channel names are coded as "\1".
Ch1=Fp1,,0.1,µV
Ch2=Fp2,,0.1,µV
Ch3=F7,,0.1,µV
Ch4=F3,,0.1,µV
Ch5=Fz,,0.1,µV
Ch6=F4,,0.1,µV
Ch7=F8,,0.1,µV
Ch8=FC5,,0.1,µV
Ch9=FC1,,0.1,µV
Ch10=FC2,,0.1,µV
Ch11=FC6,,0.1,µV
Ch12=T7,,0.1,µV
Ch13=C3,,0.1,µV
Ch14=Cz,,0.1,µV
Ch15=C4,,0.1,µV
Ch16=T8,,0.1,µV
Ch17=VEOG,,0.1,µV
Ch18=CP5,,0.1,µV
Ch19=CP1,,0.1,µV
Ch20=CP2,,0.1,µV
Ch21=CP6,,0.1,µV
Ch22=AFz,,0.1,µV
Ch23=P7,,0.1,µV
Ch24=P3,,0.1,µV
Ch25=Pz,,0.1,µV
Ch26=P4,,0.1,µV
Ch27=P8,,0.1,µV
Ch28=PO9,,0.1,µV
Ch29=O1,,0.1,µV
Ch30=Oz,,0.1,µV
Ch31=O2,,0.1,µV
Ch32=PO10,,0.1,µV
Ch33=AF7,,0.1,µV
Ch34=AF3,,0.1,µV
Ch35=AF4,,0.1,µV
Ch36=AF8,,0.1,µV
Ch37=F5,,0.1,µV
Ch38=F1,,0.1,µV
Ch39=F2,,0.1,µV
Ch40=F6,,0.1,µV
Ch41=FT7,,0.1,µV
Ch42=FC3,,0.1,µV
Ch43=FC4,,0.1,µV
Ch44=FT8,,0.1,µV
Ch45=C5,,0.1,µV
Ch46=C1,,0.1,µV
Ch47=C2,,0.1,µV
Ch48=C6,,0.1,µV
Ch49=TP7,,0.1,µV
Ch50=CP3,,0.1,µV
Ch51=CPz,,0.1,µV
Ch52=CP4,,0.1,µV
Ch53=TP8,,0.1,µV
Ch54=P5,,0.1,µV
Ch55=P1,,0.1,µV
Ch56=P2,,0.1,µV
Ch57=P6,,0.1,µV
Ch58=PO7,,0.1,µV
Ch59=PO3,,0.1,µV
Ch60=POz,,0.1,µV
Ch61=PO4,,0.1,µV
Ch62=PO8,,0.1,µV

[Comment]

BrainVision Recorder Professional   -   V. 1.20.0506


A m p l i f i e r  S e t u p
============================
Number of channels: 62
Sampling Rate [Hz]: 2500
Sampling Interval [µS]: 400

Channels
--------
#     Name      Phys. Chn.    Resolution / Unit   Low Cutoff [s]   High Cutoff [Hz]   Notch [Hz]    Series Res. [kOhm] Gradient         Offset
1     Fp1         1                0.1 µV             10             1000              Off                0                 
2     Fp2         2                0.1 µV             10             1000              Off                0                 
3     F7          3                0.1 µV             10             1000              Off                0                 
4     F3          4                0.1 µV             10             1000              Off                0                 
5     Fz          5                0.1 µV             10             1000              Off                0                 
6     F4          6                0.1 µV             10             1000              Off                0                 
7     F8          7                0.1 µV             10             1000              Off                0                 
8     FC5         8                0.1 µV             10             1000              Off                0                 
9     FC1         9                0.1 µV             10             1000              Off                0                 
10    FC2         10               0.1 µV             10             1000              Off                0                 
11    FC6         11               0.1 µV             10             1000              Off                0                 
12    T7          12               0.1 µV             10             1000              Off                0                 
13    C3          13               0.1 µV             10             1000              Off                0                 
14    Cz          14               0.1 µV             10             1000              Off                0                 
15    C4          15               0.1 µV             10             1000              Off                0                 
16    T8          16               0.1 µV             10             1000              Off                0                 
17    VEOG        17               0.1 µV             10             1000              Off                0                 
18    CP5         18               0.1 µV             10             1000              Off                0                 
19    CP1         19               0.1 µV             10             1000              Off                0                 
20    CP2         20               0.1 µV             10             1000              Off                0                 
21    CP6         21               0.1 µV             10             1000              Off                0                 
22    AFz         22               0.1 µV             10             1000              Off                0                 
23    P7          23               0.1 µV             10             1000              Off                0                 
24    P3          24               0.1 µV             10             1000              Off                0                 
25    Pz          25               0.1 µV             10             1000              Off                0                 
26    P4          26               0.1 µV             10             1000              Off                0                 
27    P8          27               0.1 µV             10             1000              Off                0                 
28    PO9         28               0.1 µV             10             1000              Off                0                 
29    O1          29               0.1 µV             10             1000              Off                0                 
30    Oz          30               0.1 µV             10             1000              Off                0                 
31    O2          31               0.1 µV             10             1000              Off                0                 
32    PO10        32               0.1 µV             10             1000              Off                0                 
33    AF7         33               0.1 µV             10             1000              Off                0                 
34    AF3         34               0.1 µV             10             1000              Off                0                 
35    AF4         35               0.1 µV             10             1000              Off                0                 
36    AF8         36               0.1 µV             10             1000              Off                0                 
37    F5          37               0.1 µV             10             1000              Off                0                 
38    F1          38               0.1 µV             10             1000              Off                0                 
39    F2          39               0.1 µV             10             1000              Off                0                 
40    F6          40               0.1 µV             10             1000              Off                0                 
41    FT7         42               0.1 µV             10             1000              Off                0                 
42    FC3         43               0.1 µV             10             1000              Off                0                 
43    FC4         44               0.1 µV             10             1000              Off                0                 
44    FT8         45               0.1 µV             10             1000              Off                0                 
45    C5          47               0.1 µV             10             1000              Off                0                 
46    C1          48               0.1 µV             10             1000              Off                0                 
47    C2          49               0.1 µV             10             1000              Off                0                 
48    C6          50               0.1 µV             10             1000              Off                0                 
49    TP7         51               0.1 µV             10             1000              Off                0                 
50    CP3         52               0.1 µV             10             1000              Off                0                 
51    CPz         53               0.1 µV             10             1000              Off                0                 
52    CP4         54               0.1 µV             10             1000              Off                0                 
53    TP8         55               0.1 µV             10             1000              Off                0                 
54    P5          56               0.1 µV             10             1000              Off                0                 
55    P1          57               0.1 µV             10             1000              Off                0                 
56    P2          58               0.1 µV             10             1000              Off                0                 
57    P6          59               0.1 µV             10             1000              Off                0                 
58    PO7         60               0.1 µV             10             1000              Off                0                 
59    PO3         61               0.1 µV             10             1000              Off                0                 
60    POz         62               0.1 µV             10             1000              Off                0                 
61    PO4         63               0.1 µV             10             1000              Off                0                 
62    PO8         64               0.1 µV             10             1000              Off                0                 

S o f t w a r e  F i l t e r s
==============================
Disabled


Test Signal from actiCAP is used.
Impedances Imported from actiCAP Control Software:
Impedance [kOhm] at 12:59:28 :
Fp1:          2
Fp2:          0
F7:           7
F3:           1
Fz:           0
F4:           1
F8:           1
FC5:          0
FC1:          0
FC2:          2
FC6:          1
T7:           0
C3:           0
Cz:           0
C4:           0
T8:           1
VEOG:         6
CP5:          1
CP1:          0
CP2:          1
CP6:          1
AFz:          0
P7:           1
P3:           0
Pz:           0
P4:           1
P8:           1
PO9:          3
O1:           0
Oz:           1
O2:           0
PO10:         1
AF7:          2
AF3:          1
AF4:          1
AF8:          5
F5:           0
F1:           0
F2:           0
F6:           1
FT7:         10
FC3:          1
FC4:          0
FT8:          0
C5:           0
C1:           0
C2:           0
C6:           3
TP7:          8
CP3:          0
CPz:          1
CP4:          0
TP8:          0
P5:           2
P1:           0
P2:           1
P6:           0
PO7:          0
PO3:          4
POz:          0
PO4:          0
PO8:          0
Gnd:         10
Ref:          0
